GEM
  remote: https://rubygems.org/
  specs:
    sequel (4.32.0)
    sqlite3 (1.3.11)

PLATFORMS
  ruby

DEPENDENCIES
  sequel (= 4.32.0)
  sqlite3 (= 1.3.11)

BUNDLED WITH
   1.11.2
